GEM
  remote: https://rubygems.org/
  specs:
    diff-lcs (1.2.5)
    mustache (1.0.3)
    redcarpet (3.3.4)
    rocco (0.8.2)
      mustache
      redcarpet
    rspec (3.5.0)
      rspec-core (~> 3.5.0)
      rspec-expectations (~> 3.5.0)
      rspec-mocks (~> 3.5.0)
    rspec-core (3.5.4)
      rspec-support (~> 3.5.0)
    rspec-expectations (3.5.0)
      diff-lcs (>= 1.2.0, < 2.0)
      rspec-support (~> 3.5.0)
    rspec-mocks (3.5.0)
      diff-lcs (>= 1.2.0, < 2.0)
      rspec-support (~> 3.5.0)
    rspec-support (3.5.0)

PLATFORMS
  ruby

DEPENDENCIES
  rocco
  rspec

BUNDLED WITH
   1.12.5
